GEM
  remote: https://rubygems.org/
  specs:
    actionpack (5.2.0)
      actionview (= 5.2.0)
      activesupport (= 5.2.0)
      rack (~> 2.0)
      rack-test (>= 0.6.3)
      rails-dom-testing (~> 2.0)
      rails-html-sanitizer (~> 1.0, >= 1.0.2)
    actionview (5.2.0)
      activesupport (= 5.2.0)
      builder (~> 3.1)
      erubi (~> 1.4)
      rails-dom-testing (~> 2.0)
      rails-html-sanitizer (~> 1.0, >= 1.0.3)
    activejob (5.2.0)
      activesupport (= 5.2.0)
      globalid (>= 0.3.6)
    activemodel (5.2.0)
      activesupport (= 5.2.0)
    activerecord (5.2.0)
      activemodel (= 5.2.0)
      activesupport (= 5.2.0)
      arel (>= 9.0)
    activerecord-utils (0.4.0)
      activerecord
      logutils
    activesupport (5.2.0)
      concurrent-ruby (~> 1.0, >= 1.0.2)
      i18n (>= 0.7, < 2)
      minitest (~> 5.1)
      tzinfo (~> 1.1)
    arel (9.0.0)
    builder (3.2.3)
    concurrent-ruby (1.0.5)
    crass (1.0.4)
    datafile (0.2.5)
      fetcher
      logutils
      textutils
    erubi (1.7.1)
    fetcher (0.4.5)
      logutils (>= 0.6)
    ffi (1.9.25-x86-mingw32)
    globalid (0.4.1)
      activesupport (>= 4.2.0)
    i18n (1.0.1)
      concurrent-ruby (~> 1.0)
    iniparser (0.1.0)
    jquery-rails (4.3.3)
      rails-dom-testing (>= 1, < 3)
      railties (>= 4.2.0)
      thor (>= 0.14, < 2.0)
    logutils (0.6.1)
    logutils-activerecord (0.2.1)
      activerecord
      logutils (>= 0.6.1)
    loofah (2.2.2)
      crass (~> 1.0.2)
      nokogiri (>= 1.5.9)
    method_source (0.9.0)
    mini_portile2 (2.3.0)
    minitest (5.11.3)
    mustermann (1.0.2)
    nokogiri (1.8.3-x86-mingw32)
      mini_portile2 (~> 2.3.0)
    persondb-models (0.5.0)
      worlddb-models
    props (1.2.0)
      iniparser (>= 0.1.0)
    props-activerecord (0.2.0)
      activerecord
      props (>= 1.2.0)
    puma (3.11.4)
    rack (2.0.5)
    rack-protection (2.0.3)
      rack
    rack-test (1.0.0)
      rack (>= 1.0, < 3)
    rails-dom-testing (2.0.3)
      activesupport (>= 4.2.0)
      nokogiri (>= 1.6)
    rails-html-sanitizer (1.0.4)
      loofah (~> 2.2, >= 2.2.2)
    railties (5.2.0)
      actionpack (= 5.2.0)
      activesupport (= 5.2.0)
      method_source
      rake (>= 0.8.7)
      thor (>= 0.18.1, < 2.0)
    rake (12.3.1)
    rb-fsevent (0.10.3)
    rb-inotify (0.9.10)
      ffi (>= 0.5.0, < 2)
    rubyzip (1.2.1)
    sass (3.5.6)
      sass-listen (~> 4.0.0)
    sass-listen (4.0.0)
      rb-fsevent (~> 0.9, >= 0.9.4)
      rb-inotify (~> 0.9, >= 0.9.7)
    sass-rails (5.0.7)
      railties (>= 4.0.0, < 6)
      sass (~> 3.1)
      sprockets (>= 2.8, < 4.0)
      sprockets-rails (>= 2.0, < 4.0)
      tilt (>= 1.1, < 3)
    sinatra (2.0.3)
      mustermann (~> 1.0)
      rack (~> 2.0)
      rack-protection (= 2.0.3)
      tilt (~> 2.0)
    sportdb-admin (0.4.0)
    sportdb-models (1.17.0)
      persondb-models (>= 0.4.2)
      worlddb-models (>= 2.1.0)
    sprockets (3.7.2)
      concurrent-ruby (~> 1.0)
      rack (> 1, < 3)
    sprockets-rails (3.2.1)
      actionpack (>= 4.0)
      activesupport (>= 4.0)
      sprockets (>= 3.0.0)
    sqlite3 (1.3.13-x86-mingw32)
    tagutils (1.0.0)
      activerecord
      logutils (>= 0.6.1)
      props (>= 1.2.0)
      textutils (>= 1.4.0)
    textutils (1.4.0)
      activesupport
      logutils (>= 0.6.1)
      props (>= 1.1.2)
      rubyzip (>= 1.0.0)
    thor (0.20.0)
    thread_safe (0.3.6)
    tilt (2.0.8)
    tzinfo (1.2.5)
      thread_safe (~> 0.1)
    tzinfo-data (1.2018.5)
      tzinfo (>= 1.0.0)
    worlddb-flags (0.1.0)
    worlddb-models (2.4.0)
      activerecord
      activerecord-utils (>= 0.4.0)
      logutils (>= 0.6.1)
      logutils-activerecord (>= 0.2.1)
      props (>= 1.2.0)
      props-activerecord (>= 0.2.0)
      rubyzip
      tagutils (>= 1.0.0)
      textutils (>= 1.4.0)

PLATFORMS
  x86-mingw32

DEPENDENCIES
  actionpack (= 5.2.0)
  actionview (= 5.2.0)
  activejob (= 5.2.0)
  activemodel (= 5.2.0)
  activerecord (= 5.2.0)
  activesupport (= 5.2.0)
  bundler (>= 1.3.0)
  datafile
  jquery-rails
  logutils
  logutils-activerecord
  props
  props-activerecord
  puma
  railties (= 5.2.0)
  sass-rails
  sinatra
  sportdb-admin
  sportdb-models
  sprockets-rails (>= 2.0.0)
  sqlite3
  tzinfo-data
  worlddb-flags (= 0.1.0)
  worlddb-models

BUNDLED WITH
   1.15.3
